PATH
  remote: .
  specs:
    shopify_api_console (2.0.0)
      activemodel (>= 4.2.2)
      activesupport (>= 4.2.2)
      pry (>= 0.9.12.6)
      shopify_api
      thor (~> 0.18.1)

GEM
  remote: https://rubygems.org/
  specs:
    activemodel (7.0.4.2)
      activesupport (= 7.0.4.2)
    activesupport (7.0.4.2)
      concurrent-ruby (~> 1.0, >= 1.0.2)
      i18n (>= 1.6, < 2)
      minitest (>= 5.1)
      tzinfo (~> 2.0)
    addressable (2.8.0)
      public_suffix (>= 2.0.2, < 5.0)
    coderay (1.1.2)
    concurrent-ruby (1.2.0)
    crack (0.4.5)
      rexml
    fakeweb (1.3.0)
    hash_diff (1.1.1)
    hashdiff (1.0.1)
    httparty (0.21.0)
      mini_mime (>= 1.0.0)
      multi_xml (>= 0.5.2)
    i18n (1.12.0)
      concurrent-ruby (~> 1.0)
    jwt (2.6.0)
    metaclass (0.0.4)
    method_source (0.9.2)
    mini_mime (1.1.2)
    minitest (5.7.0)
    mocha (1.1.0)
      metaclass (~> 0.0.1)
    multi_xml (0.6.0)
    oj (3.14.0)
    openssl (3.1.0)
    pry (0.12.2)
      coderay (~> 1.1.0)
      method_source (~> 0.9.0)
    public_suffix (4.0.6)
    rake (10.4.2)
    rexml (3.2.5)
    securerandom (0.2.2)
    shopify_api (12.4.0)
      activesupport
      concurrent-ruby
      hash_diff
      httparty
      jwt
      oj
      openssl
      securerandom
      sorbet-runtime
      zeitwerk (~> 2.5, < 2.6.5)
    sorbet-runtime (0.5.10634)
    thor (0.18.1)
    tzinfo (2.0.6)
      concurrent-ruby (~> 1.0)
    webmock (3.14.0)
      addressable (>= 2.8.0)
      crack (>= 0.3.2)
      hashdiff (>= 0.4.0, < 2.0.0)
    zeitwerk (2.6.4)

PLATFORMS
  ruby

DEPENDENCIES
  fakeweb
  minitest (~> 5.0)
  mocha (>= 0.9.8)
  rake
  shopify_api_console!
  webmock

BUNDLED WITH
   2.2.22
